GEM
  remote: https://rubygems.org/
  specs:
    Ascii85 (1.0.2)
    addressable (2.2.8)
    afm (0.2.2)
    asciidoctor (1.5.0)
    asciidoctor-epub3 (1.0.0.alpha.2)
      asciidoctor (>= 1.5.0, < 1.6.0)
      gepub (~> 0.6.9.2)
      thread_safe (~> 0.3.4)
    asciidoctor-pdf (1.5.0.alpha.5)
      asciidoctor (~> 1.5.0)
      prawn (= 1.2.1)
      prawn-svg (= 0.16.0)
      prawn-table (= 0.1.1)
      prawn-templates (= 0.0.3)
      treetop (= 1.5.3)
    atlas-api (0.1.0)
      faraday (~> 0.5.3)
      hashie (~> 0.4.0)
    awesome_print (1.7.0)
    coderay (1.1.1)
    colorize (0.8.1)
    faraday (0.5.7)
      addressable (~> 2.2.4)
      multipart-post (~> 1.1.0)
      rack (>= 1.1.0, < 2)
    gepub (0.6.9.2)
      nokogiri (~> 1.6.1)
      rubyzip (>= 1.1.1)
    hashery (2.1.2)
    hashie (0.4.0)
    json (2.0.2)
    mini_portile2 (2.1.0)
    multipart-post (1.1.5)
    nokogiri (1.6.8)
      mini_portile2 (~> 2.1.0)
      pkg-config (~> 1.1.7)
    pdf-core (0.2.5)
    pdf-reader (1.4.0)
      Ascii85 (~> 1.0.0)
      afm (~> 0.2.1)
      hashery (~> 2.0)
      ruby-rc4
      ttfunk
    pkg-config (1.1.7)
    polyglot (0.3.5)
    posix-spawn (0.3.11)
    prawn (1.2.1)
      pdf-core (~> 0.2.5)
      ttfunk (~> 1.2.0)
    prawn-svg (0.16.0)
      prawn (>= 0.8.4)
    prawn-table (0.1.1)
    prawn-templates (0.0.3)
      pdf-reader (~> 1.3)
      prawn (>= 0.15.0)
    pygments.rb (0.6.3)
      posix-spawn (~> 0.3.6)
      yajl-ruby (~> 1.2.0)
    rack (1.6.4)
    rake (11.2.2)
    ruby-rc4 (0.1.5)
    rubyzip (1.2.0)
    thread_safe (0.3.5)
    treetop (1.5.3)
      polyglot (~> 0.3)
    ttfunk (1.2.2)
    yajl-ruby (1.2.1)

PLATFORMS
  ruby

DEPENDENCIES
  asciidoctor (= 1.5.0)
  asciidoctor-epub3 (= 1.0.0.alpha.2)
  asciidoctor-pdf (= 1.5.0.alpha.5)
  atlas-api
  awesome_print
  coderay
  colorize
  json
  pygments.rb
  rake
  thread_safe

BUNDLED WITH
   1.12.5
